GEM
  remote: https://gems.ruby-china.com/
  specs:
    aasm (5.2.0)
      concurrent-ruby (~> 1.0)
    coderay (1.1.3)
    concurrent-ruby (1.1.9)
    method_source (1.0.0)
    pry (0.14.1)
      coderay (~> 1.1)
      method_source (~> 1.0)

PLATFORMS
  x86_64-darwin-19

DEPENDENCIES
  aasm (~> 5.2)
  pry (~> 0.14.1)

BUNDLED WITH
   2.2.3
