GEM
  remote: https://gems.ruby-china.com/
  specs:
    aasm (5.2.0)
      concurrent-ruby (~> 1.0)
    concurrent-ruby (1.1.9)

PLATFORMS
  x86_64-darwin-19

DEPENDENCIES
  aasm (~> 5.2)

BUNDLED WITH
   2.2.3
